PATH
  remote: .
  specs:
    auto_click (0.1.0)

GEM
  remote: http://rubygems.org/
  specs:

PLATFORMS
  x86-mingw32

DEPENDENCIES
  auto_click!
